GEM
  remote: https://rubygems.org/
  specs:
    bcrypt (3.1.16)
    mustermann (1.1.1)
      ruby2_keywords (~> 0.0.1)
    rack (2.2.3)
    rack-flash3 (1.0.5)
      rack
    rack-protection (2.1.0)
      rack
    rake (13.0.1)
    require_all (3.0.0)
    ruby2_keywords (0.0.2)
    shotgun (0.9.2)
      rack (>= 1.0)
    sinatra (2.1.0)
      mustermann (~> 1.0)
      rack (~> 2.2)
      rack-protection (= 2.1.0)
      tilt (~> 2.0)
    tilt (2.0.10)

PLATFORMS
  ruby

DEPENDENCIES
  bcrypt
  rack-flash3
  rake
  require_all
  shotgun
  sinatra

BUNDLED WITH
   2.1.2
